GEM
  remote: https://rubygems.org/
  specs:
    adamantium (0.2.0)
      ice_nine (~> 0.11.0)
      memoizable (~> 0.4.0)
    byebug (9.0.6)
    dedent (1.0.1)
    ice_nine (0.11.2)
    memoizable (0.4.2)
      thread_safe (~> 0.3, >= 0.3.1)
    mini_portile2 (2.3.0)
    minitest (5.10.2)
    nokogiri (1.8.2)
      mini_portile2 (~> 2.3.0)
    thread_safe (0.3.6)

PLATFORMS
  ruby

DEPENDENCIES
  adamantium (~> 0.2.0)
  byebug
  dedent (~> 1.0)
  minitest
  nokogiri (~> 1.8.1)

BUNDLED WITH
   1.15.3
