GEM
  remote: https://rubygems.org/
  specs:
    byebug (11.0.1)
    dedent (1.0.1)
    diff-lcs (1.3)
    mini_portile2 (2.4.0)
    nokogiri (1.10.8)
      mini_portile2 (~> 2.4.0)
    ox (2.11.0)
    rspec (3.9.0)
      rspec-core (~> 3.9.0)
      rspec-expectations (~> 3.9.0)
      rspec-mocks (~> 3.9.0)
    rspec-core (3.9.0)
      rspec-support (~> 3.9.0)
    rspec-expectations (3.9.0)
      diff-lcs (>= 1.2.0, < 2.0)
      rspec-support (~> 3.9.0)
    rspec-mocks (3.9.0)
      diff-lcs (>= 1.2.0, < 2.0)
      rspec-support (~> 3.9.0)
    rspec-support (3.9.0)
    value_semantics (3.2.0)

PLATFORMS
  ruby

DEPENDENCIES
  byebug
  dedent
  nokogiri
  ox
  rspec (~> 3.7)
  value_semantics (~> 3.0)

BUNDLED WITH
   1.17.3
