GEM
  remote: https://rubygems.org/
  specs:
    byebug (9.0.6)
    dedent (1.0.1)
    diff-lcs (1.3)
    mini_portile2 (2.3.0)
    nokogiri (1.8.2)
      mini_portile2 (~> 2.3.0)
    ox (2.10.0)
    rspec (3.8.0)
      rspec-core (~> 3.8.0)
      rspec-expectations (~> 3.8.0)
      rspec-mocks (~> 3.8.0)
    rspec-core (3.8.0)
      rspec-support (~> 3.8.0)
    rspec-expectations (3.8.1)
      diff-lcs (>= 1.2.0, < 2.0)
      rspec-support (~> 3.8.0)
    rspec-mocks (3.8.0)
      diff-lcs (>= 1.2.0, < 2.0)
      rspec-support (~> 3.8.0)
    rspec-support (3.8.0)
    value_semantics (3.0.1)

PLATFORMS
  ruby

DEPENDENCIES
  byebug
  dedent (~> 1.0)
  nokogiri (~> 1.8.1)
  ox (~> 2.10)
  rspec (~> 3.7)
  value_semantics (~> 3.0)

BUNDLED WITH
   1.17.2
