PATH
  remote: ../value_semantics
  specs:
    value_semantics (0.1.1)

GEM
  remote: https://rubygems.org/
  specs:
    byebug (9.0.6)
    dedent (1.0.1)
    diff-lcs (1.3)
    mini_portile2 (2.3.0)
    nokogiri (1.8.2)
      mini_portile2 (~> 2.3.0)
    rspec (3.8.0)
      rspec-core (~> 3.8.0)
      rspec-expectations (~> 3.8.0)
      rspec-mocks (~> 3.8.0)
    rspec-core (3.8.0)
      rspec-support (~> 3.8.0)
    rspec-expectations (3.8.1)
      diff-lcs (>= 1.2.0, < 2.0)
      rspec-support (~> 3.8.0)
    rspec-mocks (3.8.0)
      diff-lcs (>= 1.2.0, < 2.0)
      rspec-support (~> 3.8.0)
    rspec-support (3.8.0)

PLATFORMS
  ruby

DEPENDENCIES
  byebug
  dedent (~> 1.0)
  nokogiri (~> 1.8.1)
  rspec (~> 3.7)
  value_semantics!

BUNDLED WITH
   1.15.3
