GEM
  remote: https://rubygems.org/
  specs:
    adamantium (0.2.0)
      ice_nine (~> 0.11.0)
      memoizable (~> 0.4.0)
    dedent (1.0.1)
    ice_nine (0.11.1)
    memoizable (0.4.2)
      thread_safe (~> 0.3, >= 0.3.1)
    minitest (5.8.4)
    thread_safe (0.3.5)

PLATFORMS
  ruby

DEPENDENCIES
  adamantium (~> 0.2.0)
  dedent (~> 1.0)
  minitest

BUNDLED WITH
   1.12.4
